PATH
  remote: .
  specs:
    neo4j-ruby-driver (4.4.5.20240517144920)
      activesupport (>= 5.2.0)
      async-io
      connection_pool
      zeitwerk (>= 2.1.10)

GEM
  remote: https://rubygems.org/
  specs:
    activesupport (7.1.3.3)
      base64
      bigdecimal
      concurrent-ruby (~> 1.0, >= 1.0.2)
      connection_pool (>= 2.2.5)
      drb
      i18n (>= 1.6, < 2)
      minitest (>= 5.1)
      mutex_m
      tzinfo (~> 2.0)
    async (2.11.0)
      console (~> 1.25, >= 1.25.2)
      fiber-annotation
      io-event (~> 1.5, >= 1.5.1)
      timers (~> 4.1)
    async-io (1.43.2)
      async
    base64 (0.2.0)
    bigdecimal (3.1.8)
    concurrent-ruby (1.2.3)
    connection_pool (2.4.1)
    console (1.25.2)
      fiber-annotation
      fiber-local (~> 1.1)
      json
    diff-lcs (1.5.1)
    drb (2.2.1)
    ffaker (2.23.0)
    fiber-annotation (0.2.0)
    fiber-local (1.1.0)
      fiber-storage
    fiber-storage (0.1.0)
    hoe (4.2.0)
      rake (>= 0.8, < 15.0)
    hoe-bundler (1.5.0)
    hoe-gemspec (1.0.0)
      hoe (>= 2.2.0)
    i18n (1.14.5)
      concurrent-ruby (~> 1.0)
    io-event (1.5.1)
    json (2.7.2)
    minitest (5.23.0)
    mutex_m (0.2.0)
    psych (5.1.2)
      stringio
    rake (13.2.1)
    rdoc (6.6.3.1)
      psych (>= 4.0.0)
    rspec-core (3.13.0)
      rspec-support (~> 3.13.0)
    rspec-expectations (3.13.0)
      diff-lcs (>= 1.2.0, < 2.0)
      rspec-support (~> 3.13.0)
    rspec-its (1.3.0)
      rspec-core (>= 3.0.0)
      rspec-expectations (>= 3.0.0)
    rspec-mocks (3.13.1)
      diff-lcs (>= 1.2.0, < 2.0)
      rspec-support (~> 3.13.0)
    rspec-support (3.13.1)
    stringio (3.1.0)
    timers (4.3.5)
    tzinfo (2.0.6)
      concurrent-ruby (~> 1.0)
    zeitwerk (2.6.14)

PLATFORMS
  arm64-darwin-21
  ruby

DEPENDENCIES
  ffaker
  hoe
  hoe-bundler
  hoe-gemspec
  neo4j-ruby-driver!
  rake
  rdoc (>= 4.0, < 7)
  rspec-its
  rspec-mocks

BUNDLED WITH
   2.5.5
